GEM
  remote: https://rubygems.org/
  specs:
    activemodel (6.1.4.4)
      activesupport (= 6.1.4.4)
    activemodel-serializers-xml (1.0.2)
      activemodel (> 5.x)
      activesupport (> 5.x)
      builder (~> 3.1)
    activesupport (6.1.4.4)
      concurrent-ruby (~> 1.0, >= 1.0.2)
      i18n (>= 1.6, < 2)
      minitest (>= 5.1)
      tzinfo (~> 2.0)
      zeitwerk (~> 2.3)
    bson (4.14.0)
    builder (3.2.4)
    byebug (11.1.3)
    coderay (1.1.3)
    concurrent-ruby (1.1.9)
    i18n (1.8.11)
      concurrent-ruby (~> 1.0)
    method_source (1.0.0)
    minitest (5.15.0)
    mongo (2.17.0)
      bson (>= 4.8.2, < 5.0.0)
    mongo_mapper (0.15.4)
      activemodel (>= 5.0)
      activemodel-serializers-xml (~> 1.0)
      activesupport (>= 5.0)
      mongo (~> 2.0)
      plucky (~> 0.8.0)
      rexml
    plucky (0.8.0)
      mongo (~> 2.0)
    pry (0.13.1)
      coderay (~> 1.1)
      method_source (~> 1.0)
    pry-byebug (3.9.0)
      byebug (~> 11.0)
      pry (~> 0.13.0)
    rexml (3.2.5)
    tzinfo (2.0.4)
      concurrent-ruby (~> 1.0)
    zeitwerk (2.5.3)

PLATFORMS
  aarch64-linux
  arm64-darwin-20

DEPENDENCIES
  activemodel (< 7.0)
  mongo_mapper (= 0.15.4)
  pry-byebug

BUNDLED WITH
   2.2.32
